PATH
  remote: .
  specs:
    polyphony (0.21)
      http-2 (= 0.10.0)
      http_parser.rb (= 0.6.0)
      modulation (~> 0.25)
      rack

GEM
  remote: https://rubygems.org/
  specs:
    ansi (1.5.0)
    builder (3.2.3)
    hiredis (0.6.3)
    http-2 (0.10.0)
    http_parser.rb (0.6.0)
    httparty (0.17.0)
      mime-types (~> 3.0)
      multi_xml (>= 0.5.2)
    localhost (1.1.4)
    mime-types (3.3)
      mime-types-data (~> 3.2015)
    mime-types-data (3.2019.1009)
    minitest (5.11.3)
    minitest-reporters (1.4.2)
      ansi
      builder
      minitest (>= 5.0)
      ruby-progressbar
    modulation (0.34)
    multi_xml (0.6.0)
    pg (1.1.3)
    rack (2.0.8)
    rake (13.0.1)
    rake-compiler (1.0.5)
      rake
    redis (4.1.0)
    ruby-progressbar (1.10.1)
    websocket (1.2.8)

PLATFORMS
  ruby

DEPENDENCIES
  hiredis (= 0.6.3)
  httparty (= 0.17.0)
  localhost (= 1.1.4)
  minitest (= 5.11.3)
  minitest-reporters (= 1.4.2)
  pg (= 1.1.3)
  polyphony!
  rake-compiler (= 1.0.5)
  redis (= 4.1.0)
  websocket (= 1.2.8)

BUNDLED WITH
   2.1.0.pre.2
